GEM
  remote: http://rubygems.org/
  specs:
    rlet (0.5.1)

PLATFORMS
  ruby

DEPENDENCIES
  rlet
